GEM
  remote: http://rubygems.org/
  specs:
    dotenv (2.1.1)
    highline (1.7.8)
    thefox-pastebin (1.2.2)
      dotenv (~> 2.0)
      highline (~> 1.7)
    thor (0.19.1)

PLATFORMS
  ruby

DEPENDENCIES
  thefox-pastebin
  thor

BUNDLED WITH
   1.12.5
